{
    "Modality": "MR",
    "MagneticFieldStrength": 1.5,
    "ImagingFrequency": 63.8461,
    "Manufacturer": "GE",
    "ManufacturersModelName": "SIGNA EXCITE",
    "InstitutionName": "ISCMPA-Hospital DV Scherer",
    "DeviceSerialNumber": "0000000002567724",
    "StationName": "GEHCGEHC",
    "PatientPosition": "HFS",
    "ProcedureStepDescription": "ENCEFALO",
    "SoftwareVersions": "12\\LX\\MR Software release:12.0_M5B_0846.d",
    "MRAcquisitionType": "3D",
    "SeriesDescription": "AXI VOL 3D INV400",
    "ProtocolName": "AXI VOL 3D INV400",
    "ScanningSequence": "GR",
    "SequenceVariant": "SS\\SP\\SK",
    "ScanOptions": "FAST_GEMS\\FILTERED_GEMS\\PFF",
    "ImageType": [
        "ORIGINAL",
        "PRIMARY",
        "OTHER"
    ],
    "SeriesNumber": 4,
    "AcquisitionTime": "10:00:20.000000",
    "AcquisitionNumber": 1,
    "SliceThickness": 1.2,
    "SpacingBetweenSlices": 1.2,
    "SAR": 0.144677,
    "EchoTime": 0.0042,
    "RepetitionTime": 0.011212,
    "InversionTime": 0.4,
    "FlipAngle": 15,
    "CoilString": "8HRBRAIN",
    "PercentPhaseFOV": 75,
    "PercentSampling": 100,
    "AcquisitionMatrixPE": 192,
    "ReconMatrixPE": 256,
    "PixelBandwidth": 122.109,
    "ImageOrientationPatientDICOM": [
        0.998589,
        -0.00570691,
        -0.0527966,
        0.0207223,
        0.957377,
        0.288098
    ],
    "InPlanePhaseEncodingDirectionDICOM": "ROW",
    "ConversionSoftware": "dcm2niix",
    "ConversionSoftwareVersion": "v1.0.20201102",
    "Obliquity": "True",
    "VoxelSizeDim1": 0.9375,
    "VoxelSizeDim3": 1.2001737356185913,
    "VoxelSizeDim2": 0.9375,
    "Dim1Size": 256,
    "Dim2Size": 256,
    "Dim3Size": 138
}