{
    "Modality": "MR",
    "MagneticFieldStrength": 1.5,
    "ImagingFrequency": 63.8462,
    "Manufacturer": "GE",
    "ManufacturersModelName": "SIGNA EXCITE",
    "InstitutionName": "ISCMPA-Hospital DV Scherer",
    "DeviceSerialNumber": "0000000002567724",
    "StationName": "GEHCGEHC",
    "PatientPosition": "HFS",
    "ProcedureStepDescription": "PROT.CLINICAS",
    "SoftwareVersions": "12\\LX\\MR Software release:12.0_M5B_0846.d",
    "MRAcquisitionType": "3D",
    "SeriesDescription": "AXI VOL 3D INV400",
    "ProtocolName": "AXI VOL 3D INV400",
    "ScanningSequence": "GR",
    "SequenceVariant": "SS\\SP\\SK",
    "ScanOptions": "FAST_GEMS\\FILTERED_GEMS\\PFF",
    "ImageType": [
        "ORIGINAL",
        "PRIMARY",
        "OTHER"
    ],
    "SeriesNumber": 3,
    "AcquisitionTime": "18:08:27.000000",
    "AcquisitionNumber": 1,
    "SliceThickness": 1.2,
    "SpacingBetweenSlices": 1.2,
    "SAR": 0.165234,
    "EchoTime": 0.0042,
    "RepetitionTime": 0.011096,
    "InversionTime": 0.4,
    "FlipAngle": 15,
    "CoilString": "8HRBRAIN",
    "PercentPhaseFOV": 75,
    "PercentSampling": 100,
    "AcquisitionMatrixPE": 192,
    "ReconMatrixPE": 256,
    "PixelBandwidth": 122.109,
    "ImageOrientationPatientDICOM": [
        0.998563,
        0.00155646,
        0.0535599,
        -0.00427257,
        0.998707,
        0.0506601
    ],
    "InPlanePhaseEncodingDirectionDICOM": "ROW",
    "ConversionSoftware": "dcm2niix",
    "ConversionSoftwareVersion": "v1.0.20201102",
    "Obliquity": "True",
    "VoxelSizeDim1": 0.9374999403953552,
    "VoxelSizeDim3": 1.199959397315979,
    "VoxelSizeDim2": 0.9374999403953552,
    "Dim1Size": 256,
    "Dim2Size": 256,
    "Dim3Size": 138,
    "NumVolumes": 1.0,
    "ImageOrientation": "RAS+"
}