{
    "Modality": "MR",
    "MagneticFieldStrength": 1.5,
    "ImagingFrequency": 63.8307,
    "Manufacturer": "GE",
    "PulseSequenceName": "epi",
    "InternalPulseSequenceName": "EPI",
    "ManufacturersModelName": "Signa HDxt",
    "InstitutionName": "INRAD - HC - FMUSP",
    "DeviceSerialNumber": "0000000000035925",
    "StationName": "INRADRM2",
    "PatientPosition": "HFS",
    "ProcedureStepDescription": "R.M. CRANIO",
    "SoftwareVersions": "15\\LX\\MR Software release:15.0_M4A_0947.a",
    "MRAcquisitionType": "2D",
    "SeriesDescription": "RESTING STATE fMRI",
    "ProtocolName": "RESTING STATE fMRI",
    "ScanningSequence": "EP\\GR",
    "SequenceVariant": "SS",
    "ScanOptions": "MP_GEMS\\EPI_GEMS\\ACC_GEMS",
    "ImageType": [
        "ORIGINAL",
        "PRIMARY",
        "OTHER"
    ],
    "SeriesNumber": 5,
    "AcquisitionTime": "14:37:31.000000",
    "AcquisitionNumber": 1,
    "TriggerDelayTime": 359924,
    "SliceThickness": 4,
    "SpacingBetweenSlices": 4.5,
    "SAR": 0.0196259,
    "EchoTime": 0.03,
    "RepetitionTime": 2,
    "FlipAngle": 80,
    "PhaseEncodingPolarityGE": "Flipped",
    "CoilString": "8HRBRAIN",
    "PercentPhaseFOV": 100,
    "PercentSampling": 100,
    "AcquisitionMatrixPE": 80,
    "ReconMatrixPE": 128,
    "ParallelReductionFactorInPlane": 2,
    "EffectiveEchoSpacing": 0.000864,
    "TotalReadoutTime": 0.109728,
    "PixelBandwidth": 968.75,
    "PhaseEncodingDirection": "j",
    "SliceTiming": [
        0,
        1,
        0.0769231,
        1.07692,
        0.153846,
        1.15385,
        0.230769,
        1.23077,
        0.307692,
        1.30769,
        0.384615,
        1.38462,
        0.461538,
        1.46154,
        0.538462,
        1.53846,
        0.615385,
        1.61538,
        0.692308,
        1.69231,
        0.769231,
        1.76923,
        0.846154,
        1.84615,
        0.923077,
        1.92308
    ],
    "ImageOrientationPatientDICOM": [
        0.995701,
        -0.0121159,
        0.0918306,
        -0.00701938,
        0.978648,
        0.205422
    ],
    "InPlanePhaseEncodingDirectionDICOM": "COL",
    "ConversionSoftware": "dcm2niix",
    "ConversionSoftwareVersion": "v1.0.20201102",
    "TaskName": "rest",
    "Obliquity": "True",
    "VoxelSizeDim1": 1.875,
    "VoxelSizeDim3": 4.499871730804443,
    "VoxelSizeDim2": 1.875,
    "Dim1Size": 128,
    "Dim2Size": 128,
    "Dim3Size": 26,
    "NumVolumes": 180,
    "ImageOrientation": "LAS+"
}