{
    "Modality": "MR",
    "MagneticFieldStrength": 1.5,
    "ImagingFrequency": 63.8461,
    "Manufacturer": "GE",
    "PulseSequenceName": "epi",
    "InternalPulseSequenceName": "EPI",
    "ManufacturersModelName": "SIGNA EXCITE",
    "InstitutionName": "HOSPITAL DOM VICENTE SCHERER",
    "DeviceSerialNumber": "0000000002567724",
    "StationName": "excite1",
    "PatientPosition": "HFS",
    "ProcedureStepDescription": "RM CRANIO (ENCEFALO) - C/ CONTRASTE - S/ ANESTESIA",
    "SoftwareVersions": "12\\LX\\MR Software release:12.0_M5B_0846.d",
    "MRAcquisitionType": "2D",
    "SeriesDescription": "RESTING STATE fMRI",
    "ProtocolName": "RESTING STATE fMRI",
    "ScanningSequence": "EP\\GR",
    "SequenceVariant": "SS",
    "ScanOptions": "MP_GEMS\\EPI_GEMS",
    "ImageType": [
        "ORIGINAL",
        "PRIMARY",
        "OTHER"
    ],
    "SeriesNumber": 9,
    "AcquisitionTime": "16:24:22.000000",
    "AcquisitionNumber": 1,
    "TriggerDelayTime": 359923,
    "SliceThickness": 4,
    "SpacingBetweenSlices": 4.5,
    "SAR": 0.0186288,
    "EchoTime": 0.03,
    "RepetitionTime": 2,
    "FlipAngle": 80,
    "PhaseEncodingPolarityGE": "Flipped",
    "CoilString": "8HRBRAIN",
    "PercentPhaseFOV": 100,
    "PercentSampling": 100,
    "AcquisitionMatrixPE": 80,
    "ReconMatrixPE": 128,
    "ParallelReductionFactorInPlane": 2,
    "EffectiveEchoSpacing": 0.000524,
    "TotalReadoutTime": 0.066548,
    "PixelBandwidth": 3906.25,
    "PhaseEncodingDirection": "j",
    "SliceTiming": [
        0,
        1,
        0.0769231,
        1.07692,
        0.153846,
        1.15385,
        0.230769,
        1.23077,
        0.307692,
        1.30769,
        0.384615,
        1.38462,
        0.461538,
        1.46154,
        0.538462,
        1.53846,
        0.615385,
        1.61538,
        0.692308,
        1.69231,
        0.769231,
        1.76923,
        0.846154,
        1.84615,
        0.923077,
        1.92308
    ],
    "ImageOrientationPatientDICOM": [
        0.999935,
        -0.0114444,
        0.000122074,
        0.0114446,
        0.99992,
        0.00531029
    ],
    "InPlanePhaseEncodingDirectionDICOM": "COL",
    "ConversionSoftware": "dcm2niix",
    "ConversionSoftwareVersion": "v1.0.20201102",
    "TaskName": "rest",
    "Obliquity": "True",
    "VoxelSizeDim1": 1.875,
    "VoxelSizeDim3": 4.5,
    "VoxelSizeDim2": 1.875,
    "Dim1Size": 128,
    "Dim2Size": 128,
    "Dim3Size": 26,
    "NumVolumes": 180,
    "ImageOrientation": "LAS+"
}