{
    "Modality": "MR",
    "MagneticFieldStrength": 1.5,
    "ImagingFrequency": 63.8462,
    "Manufacturer": "GE",
    "InternalPulseSequenceName": "EPI2",
    "ManufacturersModelName": "SIGNA EXCITE",
    "InstitutionName": "ISCMPA-Hospital DV Scherer",
    "DeviceSerialNumber": "0000000002567724",
    "StationName": "GEHCGEHC",
    "PatientPosition": "HFS",
    "ProcedureStepDescription": "PROT.CLINICAS",
    "SoftwareVersions": "12\\LX\\MR Software release:12.0_M5B_0846.d",
    "MRAcquisitionType": "2D",
    "SeriesDescription": "DI 15DIR",
    "ProtocolName": "DI 15DIR",
    "ScanningSequence": "EP\\SE",
    "SequenceVariant": "NONE",
    "ScanOptions": "EPI_GEMS\\PFF",
    "ImageType": [
        "ORIGINAL",
        "PRIMARY",
        "OTHER"
    ],
    "SeriesNumber": 4,
    "AcquisitionTime": "15:25:28.000000",
    "AcquisitionNumber": 1,
    "SliceThickness": 3,
    "SpacingBetweenSlices": 3,
    "SAR": 0.205403,
    "NumberOfAverages": 2,
    "EchoTime": 0.1041,
    "RepetitionTime": 11.6,
    "FlipAngle": 90,
    "PhaseEncodingPolarityGE": "Flipped",
    "CoilString": "8HRBRAIN",
    "PercentPhaseFOV": 100,
    "PercentSampling": 100,
    "AcquisitionMatrixPE": 128,
    "ReconMatrixPE": 256,
    "ParallelReductionFactorInPlane": 2,
    "EffectiveEchoSpacing": 0.000784,
    "TotalReadoutTime": 0.19992,
    "PixelBandwidth": 1953.12,
    "PhaseEncodingDirection": "i-",
    "ImageOrientationPatientDICOM": [
        0.98833,
        0.133364,
        -0.0736097,
        -0.118688,
        0.977093,
        0.176643
    ],
    "InPlanePhaseEncodingDirectionDICOM": "ROW",
    "ConversionSoftware": "dcm2niix",
    "ConversionSoftwareVersion": "v1.0.20201102",
    "Obliquity": "True",
    "VoxelSizeDim1": 0.9375,
    "VoxelSizeDim3": 3.0,
    "VoxelSizeDim2": 0.9375,
    "Dim1Size": 256,
    "Dim2Size": 256,
    "Dim3Size": 47,
    "NumVolumes": 16,
    "ImageOrientation": "LAS+"
}