{
    "Modality": "MR",
    "MagneticFieldStrength": 1.5,
    "ImagingFrequency": 63.8304,
    "Manufacturer": "GE",
    "ManufacturersModelName": "Signa HDxt",
    "InstitutionName": "INRAD - HC - FMUSP",
    "DeviceSerialNumber": "0000000000035925",
    "StationName": "INRADRM2",
    "PatientPosition": "HFS",
    "ProcedureStepDescription": "RM CRANIO",
    "SoftwareVersions": "15\\LX\\MR Software release:15.0_M4A_0947.a",
    "MRAcquisitionType": "3D",
    "SeriesDescription": "AXI HI RES VOL 3D INV400",
    "ProtocolName": "AXI HI RES VOL 3D INV400",
    "ScanningSequence": "GR",
    "SequenceVariant": "SS\\SP\\SK",
    "ScanOptions": "FAST_GEMS\\FILTERED_GEMS\\PFF",
    "ImageType": [
        "ORIGINAL",
        "PRIMARY",
        "OTHER"
    ],
    "SeriesNumber": 4,
    "AcquisitionTime": "13:54:48.000000",
    "AcquisitionNumber": 1,
    "SliceThickness": 1.2,
    "SpacingBetweenSlices": 1.2,
    "SAR": 0.131501,
    "EchoTime": 0.0042,
    "RepetitionTime": 0.011092,
    "InversionTime": 0.4,
    "FlipAngle": 15,
    "CoilString": "8HRBRAIN",
    "PercentPhaseFOV": 75,
    "PercentSampling": 100,
    "AcquisitionMatrixPE": 192,
    "ReconMatrixPE": 256,
    "PixelBandwidth": 122.109,
    "ImageOrientationPatientDICOM": [
        0.999684,
        0.0249944,
        -0.0026551,
        -0.022004,
        0.921146,
        0.388595
    ],
    "InPlanePhaseEncodingDirectionDICOM": "ROW",
    "ConversionSoftware": "dcm2niix",
    "ConversionSoftwareVersion": "v1.0.20201102",
    "Obliquity": "True",
    "VoxelSizeDim1": 0.9375,
    "VoxelSizeDim3": 1.1999645233154297,
    "VoxelSizeDim2": 0.9375000596046448,
    "Dim1Size": 256,
    "Dim2Size": 256,
    "Dim3Size": 156,
    "NumVolumes": 1.0
}