{
    "Modality": "MR",
    "MagneticFieldStrength": 1.5,
    "ImagingFrequency": 63.846,
    "Manufacturer": "GE",
    "ManufacturersModelName": "SIGNA EXCITE",
    "InstitutionName": "HOSPITAL DOM VICENTE SCHERER",
    "DeviceSerialNumber": "0000000002567724",
    "StationName": "excite1",
    "PatientPosition": "HFS",
    "ProcedureStepDescription": "RM CRANIO (ENCEFALO) - C/ CONTRASTE - S/ ANESTESIA",
    "SoftwareVersions": "12\\LX\\MR Software release:12.0_M5B_0846.d",
    "MRAcquisitionType": "3D",
    "SeriesDescription": "AXI VOL 3D INV400",
    "ProtocolName": "AXI VOL 3D INV400",
    "ScanningSequence": "GR",
    "SequenceVariant": "SS\\SP\\SK",
    "ScanOptions": "FAST_GEMS\\FILTERED_GEMS\\PFF",
    "ImageType": [
        "ORIGINAL",
        "PRIMARY",
        "OTHER"
    ],
    "SeriesNumber": 3,
    "AcquisitionTime": "10:53:55.000000",
    "AcquisitionNumber": 1,
    "SliceThickness": 1.2,
    "SpacingBetweenSlices": 1.2,
    "SAR": 0.167394,
    "EchoTime": 0.0042,
    "RepetitionTime": 0.01128,
    "InversionTime": 0.4,
    "FlipAngle": 15,
    "CoilString": "8HRBRAIN",
    "PercentPhaseFOV": 75,
    "PercentSampling": 100,
    "AcquisitionMatrixPE": 192,
    "ReconMatrixPE": 256,
    "PixelBandwidth": 122.109,
    "ImageOrientationPatientDICOM": [
        0.987733,
        0.155492,
        -0.0143132,
        -0.140292,
        0.923968,
        0.355811
    ],
    "InPlanePhaseEncodingDirectionDICOM": "ROW",
    "ConversionSoftware": "dcm2niix",
    "ConversionSoftwareVersion": "v1.0.20201102",
    "Obliquity": "True",
    "VoxelSizeDim1": 0.9375,
    "VoxelSizeDim3": 1.2001819610595703,
    "VoxelSizeDim2": 0.9374999403953552,
    "Dim1Size": 256,
    "Dim2Size": 256,
    "Dim3Size": 152
}