{
    "Modality": "MR",
    "MagneticFieldStrength": 1.5,
    "ImagingFrequency": 63.8309,
    "Manufacturer": "GE",
    "PulseSequenceName": "epi",
    "InternalPulseSequenceName": "EPI",
    "ManufacturersModelName": "Signa HDxt",
    "InstitutionName": "INRAD - HC - FMUSP",
    "DeviceSerialNumber": "0000000000035925",
    "StationName": "INRADRM2",
    "PatientPosition": "HFS",
    "ProcedureStepDescription": "RMCRAN - R.M. - CRANIO",
    "SoftwareVersions": "15\\LX\\MR Software release:15.0_M4A_0947.a",
    "MRAcquisitionType": "2D",
    "SeriesDescription": "RESTING STATE fMRI",
    "ProtocolName": "RESTING STATE fMRI",
    "ScanningSequence": "EP\\GR",
    "SequenceVariant": "SS",
    "ScanOptions": "MP_GEMS\\EPI_GEMS\\ACC_GEMS",
    "ImageType": [
        "ORIGINAL",
        "PRIMARY",
        "OTHER"
    ],
    "SeriesNumber": 7,
    "AcquisitionTime": "13:49:38.000000",
    "AcquisitionNumber": 1,
    "TriggerDelayTime": 373781,
    "SliceThickness": 4,
    "SpacingBetweenSlices": 4.5,
    "SAR": 0.013357,
    "EchoTime": 0.03,
    "RepetitionTime": 2.077,
    "FlipAngle": 80,
    "PhaseEncodingPolarityGE": "Flipped",
    "CoilString": "8HRBRAIN",
    "PercentPhaseFOV": 100,
    "PercentSampling": 100,
    "AcquisitionMatrixPE": 80,
    "ReconMatrixPE": 128,
    "ParallelReductionFactorInPlane": 2,
    "EffectiveEchoSpacing": 0.000864,
    "TotalReadoutTime": 0.109728,
    "PixelBandwidth": 968.75,
    "PhaseEncodingDirection": "j",
    "SliceTiming": [
        0,
        1.0385,
        0.0798846,
        1.11838,
        0.159769,
        1.19827,
        0.239654,
        1.27815,
        0.319538,
        1.35804,
        0.399423,
        1.43792,
        0.479308,
        1.51781,
        0.559192,
        1.59769,
        0.639077,
        1.67758,
        0.718962,
        1.75746,
        0.798846,
        1.83735,
        0.878731,
        1.91723,
        0.958615,
        1.99712
    ],
    "ImageOrientationPatientDICOM": [
        0.999546,
        0.0301219,
        0,
        -0.0298774,
        0.991691,
        -0.125125
    ],
    "InPlanePhaseEncodingDirectionDICOM": "COL",
    "ConversionSoftware": "dcm2niix",
    "ConversionSoftwareVersion": "v1.0.20201102",
    "TaskName": "rest",
    "Obliquity": "True",
    "VoxelSizeDim1": 1.875,
    "VoxelSizeDim3": 4.4998626708984375,
    "VoxelSizeDim2": 1.875,
    "Dim1Size": 128,
    "Dim2Size": 128,
    "Dim3Size": 26,
    "NumVolumes": 180,
    "ImageOrientation": "LAS+"
}