{
    "Modality": "MR",
    "MagneticFieldStrength": 1.5,
    "ImagingFrequency": 63.8304,
    "Manufacturer": "GE",
    "PulseSequenceName": "epi",
    "InternalPulseSequenceName": "EPI",
    "ManufacturersModelName": "Signa HDxt",
    "InstitutionName": "INRAD - HC - FMUSP",
    "DeviceSerialNumber": "0000000000035925",
    "StationName": "INRADRM2",
    "PatientPosition": "HFS",
    "ProcedureStepDescription": "RM CRANIO",
    "SoftwareVersions": "15\\LX\\MR Software release:15.0_M4A_0947.a",
    "MRAcquisitionType": "2D",
    "SeriesDescription": "RESTING STATE fMRI",
    "ProtocolName": "RESTING STATE fMRI",
    "ScanningSequence": "EP\\GR",
    "SequenceVariant": "SS",
    "ScanOptions": "MP_GEMS\\EPI_GEMS\\ACC_GEMS",
    "ImageType": [
        "ORIGINAL",
        "PRIMARY",
        "OTHER"
    ],
    "SeriesNumber": 9,
    "AcquisitionTime": "12:31:34.000000",
    "AcquisitionNumber": 1,
    "TriggerDelayTime": 455712,
    "SliceThickness": 4,
    "SpacingBetweenSlices": 4.5,
    "SAR": 0.0142655,
    "EchoTime": 0.03,
    "RepetitionTime": 2.539,
    "FlipAngle": 80,
    "PhaseEncodingPolarityGE": "Flipped",
    "CoilString": "8HRBRAIN",
    "PercentPhaseFOV": 100,
    "PercentSampling": 100,
    "AcquisitionMatrixPE": 80,
    "ReconMatrixPE": 128,
    "ParallelReductionFactorInPlane": 2,
    "EffectiveEchoSpacing": 0.000864,
    "TotalReadoutTime": 0.109728,
    "PixelBandwidth": 968.75,
    "PhaseEncodingDirection": "j",
    "SliceTiming": [
        0,
        1.30797,
        0.0769394,
        1.38491,
        0.153879,
        1.46185,
        0.230818,
        1.53879,
        0.307758,
        1.61573,
        0.384697,
        1.69267,
        0.461636,
        1.76961,
        0.538576,
        1.84655,
        0.615515,
        1.92348,
        0.692455,
        2.00042,
        0.769394,
        2.07736,
        0.846333,
        2.1543,
        0.923273,
        2.23124,
        1.00021,
        2.30818,
        1.07715,
        2.38512,
        1.15409,
        2.46206,
        1.23103
    ],
    "ImageOrientationPatientDICOM": [
        0.999222,
        -0.00122075,
        0.0394293,
        -0.0139164,
        0.924613,
        0.380655
    ],
    "InPlanePhaseEncodingDirectionDICOM": "COL",
    "ConversionSoftware": "dcm2niix",
    "ConversionSoftwareVersion": "v1.0.20201102",
    "TaskName": "rest",
    "Obliquity": "True",
    "VoxelSizeDim1": 1.875,
    "VoxelSizeDim3": 4.5,
    "VoxelSizeDim2": 1.875,
    "Dim1Size": 128,
    "Dim2Size": 128,
    "Dim3Size": 33,
    "NumVolumes": 180
}