{
    "Modality": "MR",
    "MagneticFieldStrength": 1.5,
    "ImagingFrequency": 63.8453,
    "Manufacturer": "GE",
    "InternalPulseSequenceName": "EPI2",
    "ManufacturersModelName": "SIGNA EXCITE",
    "InstitutionName": "HOSPITAL DOM VICENTE SCHERER",
    "DeviceSerialNumber": "0000000002567724",
    "StationName": "excite1",
    "PatientPosition": "HFS",
    "ProcedureStepDescription": "RM CRANIO (ENCEFALO) - S/ CONTRASTE - S/ ANESTESIA",
    "SoftwareVersions": "12\\LX\\MR Software release:12.0_M5B_0846.d",
    "MRAcquisitionType": "2D",
    "SeriesDescription": "DI 15DIR",
    "ProtocolName": "DI 15DIR",
    "ScanningSequence": "EP\\SE",
    "SequenceVariant": "NONE",
    "ScanOptions": "EPI_GEMS\\PFF",
    "ImageType": [
        "ORIGINAL",
        "PRIMARY",
        "OTHER"
    ],
    "SeriesNumber": 4,
    "AcquisitionTime": "10:17:59.000000",
    "AcquisitionNumber": 1,
    "SliceThickness": 3,
    "SpacingBetweenSlices": 3,
    "SAR": 0.202354,
    "NumberOfAverages": 2,
    "EchoTime": 0.095,
    "RepetitionTime": 11.6,
    "FlipAngle": 90,
    "PhaseEncodingPolarityGE": "Flipped",
    "CoilString": "8HRBRAIN",
    "PercentPhaseFOV": 100,
    "PercentSampling": 100,
    "AcquisitionMatrixPE": 128,
    "ReconMatrixPE": 256,
    "ParallelReductionFactorInPlane": 2,
    "EffectiveEchoSpacing": 0.00068,
    "TotalReadoutTime": 0.1734,
    "PixelBandwidth": 1953.12,
    "PhaseEncodingDirection": "i-",
    "ImageOrientationPatientDICOM": [
        0.997612,
        -0.0201116,
        -0.0660721,
        0.0253301,
        0.99654,
        0.0791641
    ],
    "InPlanePhaseEncodingDirectionDICOM": "ROW",
    "ConversionSoftware": "dcm2niix",
    "ConversionSoftwareVersion": "v1.0.20201102",
    "Obliquity": "True",
    "VoxelSizeDim1": 0.9375,
    "VoxelSizeDim3": 3.0,
    "VoxelSizeDim2": 0.9375,
    "Dim1Size": 256,
    "Dim2Size": 256,
    "Dim3Size": 43,
    "NumVolumes": 16,
    "ImageOrientation": "LAS+"
}