{
    "Modality": "MR",
    "MagneticFieldStrength": 1.5,
    "ImagingFrequency": 63.8278,
    "Manufacturer": "GE",
    "InternalPulseSequenceName": "EPI2",
    "ManufacturersModelName": "Signa HDxt",
    "InstitutionName": "INRAD - HC - FMUSP",
    "DeviceSerialNumber": "0000000000035925",
    "StationName": "INRADRM2",
    "PatientPosition": "HFS",
    "ProcedureStepDescription": "RM CRANIO",
    "SoftwareVersions": "15\\LX\\MR Software release:15.0_M4A_0947.a",
    "MRAcquisitionType": "2D",
    "SeriesDescription": "DTI CRIANCA 800 AXI OBL.",
    "ProtocolName": "DTI CRIANCA 800 AXI OBL.",
    "ScanningSequence": "EP\\SE",
    "SequenceVariant": "NONE",
    "ScanOptions": "EPI_GEMS\\FILTERED_GEMS\\ACC_GEMS\\PFF",
    "ImageType": [
        "ORIGINAL",
        "PRIMARY",
        "OTHER"
    ],
    "SeriesNumber": 11,
    "AcquisitionTime": "15:33:23.000000",
    "AcquisitionNumber": 1,
    "SliceThickness": 3,
    "SpacingBetweenSlices": 3,
    "SAR": 0.180184,
    "NumberOfAverages": 2,
    "EchoTime": 0.0945,
    "RepetitionTime": 11.6,
    "FlipAngle": 90,
    "PhaseEncodingPolarityGE": "Flipped",
    "CoilString": "8HRBRAIN",
    "PercentPhaseFOV": 100,
    "PercentSampling": 100,
    "AcquisitionMatrixPE": 128,
    "ReconMatrixPE": 256,
    "ParallelReductionFactorInPlane": 2,
    "EffectiveEchoSpacing": 0.00076,
    "TotalReadoutTime": 0.1938,
    "PixelBandwidth": 1953.12,
    "PhaseEncodingDirection": "j",
    "ImageOrientationPatientDICOM": [
        0.999243,
        0,
        0.0389113,
        -0.000152587,
        0.999992,
        0.00408944
    ],
    "InPlanePhaseEncodingDirectionDICOM": "COL",
    "ConversionSoftware": "dcm2niix",
    "ConversionSoftwareVersion": "v1.0.20201102",
    "Obliquity": "True",
    "VoxelSizeDim1": 0.9375,
    "VoxelSizeDim3": 3.0,
    "VoxelSizeDim2": 0.9375,
    "Dim1Size": 256,
    "Dim2Size": 256,
    "Dim3Size": 45,
    "NumVolumes": 16
}