{
    "Modality": "MR",
    "MagneticFieldStrength": 1.5,
    "ImagingFrequency": 63.8304,
    "Manufacturer": "GE",
    "PulseSequenceName": "epi",
    "InternalPulseSequenceName": "EPI",
    "ManufacturersModelName": "Signa HDxt",
    "InstitutionName": "INRAD - HC - FMUSP",
    "DeviceSerialNumber": "0000000000035925",
    "StationName": "INRADRM2",
    "PatientPosition": "HFS",
    "ProcedureStepDescription": "RM CRANIO",
    "SoftwareVersions": "15\\LX\\MR Software release:15.0_M4A_0947.a",
    "MRAcquisitionType": "2D",
    "SeriesDescription": "RESTING STATE fMRI",
    "ProtocolName": "RESTING STATE fMRI",
    "ScanningSequence": "EP\\GR",
    "SequenceVariant": "SS",
    "ScanOptions": "MP_GEMS\\EPI_GEMS\\ACC_GEMS",
    "ImageType": [
        "ORIGINAL",
        "PRIMARY",
        "OTHER"
    ],
    "SeriesNumber": 8,
    "AcquisitionTime": "12:47:35.000000",
    "AcquisitionNumber": 1,
    "TriggerDelayTime": 505003,
    "SliceThickness": 4,
    "SpacingBetweenSlices": 4.5,
    "SAR": 0.020431,
    "EchoTime": 0.03,
    "RepetitionTime": 2.806,
    "FlipAngle": 80,
    "PhaseEncodingPolarityGE": "Flipped",
    "CoilString": "8HRBRAIN",
    "PercentPhaseFOV": 100,
    "PercentSampling": 100,
    "AcquisitionMatrixPE": 80,
    "ReconMatrixPE": 128,
    "ParallelReductionFactorInPlane": 2,
    "EffectiveEchoSpacing": 0.000864,
    "TotalReadoutTime": 0.109728,
    "PixelBandwidth": 968.75,
    "PhaseEncodingDirection": "j",
    "SliceTiming": [
        0,
        1.403,
        0.0779444,
        1.48094,
        0.155889,
        1.55889,
        0.233833,
        1.63683,
        0.311778,
        1.71478,
        0.389722,
        1.79272,
        0.467667,
        1.87067,
        0.545611,
        1.94861,
        0.623556,
        2.02656,
        0.7015,
        2.1045,
        0.779444,
        2.18244,
        0.857389,
        2.26039,
        0.935333,
        2.33833,
        1.01328,
        2.41628,
        1.09122,
        2.49422,
        1.16917,
        2.57217,
        1.24711,
        2.65011,
        1.32506,
        2.72806
    ],
    "ImageOrientationPatientDICOM": [
        0.992795,
        -0.00625621,
        0.119663,
        -0.0191352,
        0.977573,
        0.209724
    ],
    "InPlanePhaseEncodingDirectionDICOM": "COL",
    "ConversionSoftware": "dcm2niix",
    "ConversionSoftwareVersion": "v1.0.20201102",
    "TaskName": "rest",
    "Obliquity": "True",
    "VoxelSizeDim1": 1.875,
    "VoxelSizeDim3": 4.5,
    "VoxelSizeDim2": 1.875,
    "Dim1Size": 128,
    "Dim2Size": 128,
    "Dim3Size": 36,
    "NumVolumes": 180,
    "ImageOrientation": "LAS+"
}